GEM
  remote: http://rubygems.org/
  specs:
    activemodel (3.2.3)
      activesupport (= 3.2.3)
      builder (~> 3.0.0)
    activesupport (3.2.3)
      i18n (~> 0.6)
      multi_json (~> 1.0)
    bcrypt-ruby (3.0.1)
    bson (1.6.2)
    bson_ext (1.6.2)
      bson (~> 1.6.2)
    builder (3.0.0)
    chunky_png (1.2.5)
    compass (0.12.1)
      chunky_png (~> 1.2)
      fssm (>= 0.2.7)
      sass (~> 3.1)
    fssm (0.2.9)
    haml (3.1.4)
    i18n (0.6.0)
    joint (0.6.2)
      mime-types
      mongo_mapper (~> 0.9)
      wand (~> 0.4)
    json (1.6.6)
    macaddr (1.6.0)
      systemu (~> 2.2.0)
    mime-types (1.18)
    mongo (1.6.2)
      bson (~> 1.6.2)
    mongo_mapper (0.11.1)
      activemodel (~> 3.0)
      activesupport (~> 3.0)
      plucky (~> 0.4.0)
    multi_json (1.2.0)
    plucky (0.4.4)
      mongo (~> 1.5)
    rack (1.4.1)
    rack-protection (1.2.0)
      rack
    safe_shell (1.0.2)
    sass (3.1.15)
    shotgun (0.9)
      rack (>= 1.0)
    sinatra (1.3.2)
      rack (~> 1.3, >= 1.3.6)
      rack-protection (~> 1.2)
      tilt (~> 1.3, >= 1.3.3)
    systemu (2.2.0)
    tilt (1.3.3)
    uuid (2.3.5)
      macaddr (~> 1.0)
    wand (0.4)
      mime-types
      safe_shell (~> 1.0.0)

PLATFORMS
  ruby

DEPENDENCIES
  bcrypt-ruby
  bson_ext
  compass
  haml
  joint
  json
  mongo_mapper
  shotgun
  sinatra
  uuid
